GEM
  remote: http://rubygems.org/
  specs:
    chunky_png (1.2.5)
    coffee-script (2.2.0)
      coffee-script-source
      execjs
    coffee-script-source (1.3.3)
    compass (0.12.2)
      chunky_png (~> 1.2)
      fssm (>= 0.2.7)
      sass (~> 3.1)
    execjs (1.4.0)
      multi_json (~> 1.0)
    ffi (1.1.0)
    fssm (0.2.9)
    guard (1.2.3)
      listen (>= 0.4.2)
      thor (>= 0.14.6)
    guard-coffeescript (1.1.0)
      coffee-script (>= 2.2.0)
      guard (>= 1.1.0)
    guard-sass (0.7.1)
      guard (>= 1.1.0)
      sass (>= 3.1)
    listen (0.4.7)
      rb-fchange (~> 0.0.5)
      rb-fsevent (~> 0.9.1)
      rb-inotify (~> 0.8.8)
    multi_json (1.3.6)
    rake (0.9.2.2)
    rb-fchange (0.0.5)
      ffi
    rb-fsevent (0.9.1)
    rb-inotify (0.8.8)
      ffi (>= 0.5.0)
    sass (3.1.20)
    thor (0.15.4)

PLATFORMS
  ruby

DEPENDENCIES
  coffee-script
  compass
  guard-coffeescript
  guard-sass
  rake
  sass
